GEM
  remote: https://rubygems.org/
  specs:
    faraday (0.15.3)
      multipart-post (>= 1.2, < 3)
    multipart-post (2.0.0)
    rack (2.0.5)
    sqlite3 (1.3.13)

PLATFORMS
  ruby

DEPENDENCIES
  faraday
  rack
  sqlite3

BUNDLED WITH
   1.17.1
